GIT
  remote: https://github.com/wepow/mongo_queue.git
  revision: ef5597d4cf18ac1b77c4654d155efc6e4b7422c2
  branch: mongo-2.x
  specs:
    mongo_queue (0.2.4)
      mongo (~> 2.4)

PATH
  remote: .
  specs:
    soter (0.0.3)
      mongo (~> 2.4)

GEM
  remote: http://rubygems.org/
  specs:
    bson (4.2.0)
    diff-lcs (1.2.5)
    mongo (2.4.0)
      bson (~> 4.2.0)
    rake (12.3.3)
    rspec (3.5.0)
      rspec-core (~> 3.5.0)
      rspec-expectations (~> 3.5.0)
      rspec-mocks (~> 3.5.0)
    rspec-core (3.5.4)
      rspec-support (~> 3.5.0)
    rspec-expectations (3.5.0)
      diff-lcs (>= 1.2.0, < 2.0)
      rspec-support (~> 3.5.0)
    rspec-mocks (3.5.0)
      diff-lcs (>= 1.2.0, < 2.0)
      rspec-support (~> 3.5.0)
    rspec-support (3.5.0)

PLATFORMS
  ruby

DEPENDENCIES
  mongo_queue!
  rake
  rspec
  soter!

BUNDLED WITH
   1.17.3
